GEM
  remote: http://rubygems.org/
  specs:
    json (1.8.3)
    minitest (5.9.1)
    puma (3.6.0)
    rack (1.6.4)
    rack-protection (1.5.3)
      rack
    rack-test (0.6.3)
      rack (>= 1.0)
    sinatra (1.4.7)
      rack (~> 1.5)
      rack-protection (~> 1.4)
      tilt (>= 1.3, < 3)
    tilt (2.0.5)

PLATFORMS
  ruby

DEPENDENCIES
  json (~> 1.8)
  minitest
  puma (~> 3.6)
  rack-test
  sinatra (~> 1.4)

RUBY VERSION
   ruby 2.3.1p112

BUNDLED WITH
   1.13.6
